PATH
  remote: lib/chili/content_management_feature
  specs:
    content_management_feature (0.0.1)
      chili (~> 3.0)
      rails (~> 3.2.9)

GEM
  remote: https://rubygems.org/
  specs:
    actionmailer (3.2.9)
      actionpack (= 3.2.9)
      mail (~> 2.4.4)
    actionpack (3.2.9)
      activemodel (= 3.2.9)
      activesupport (= 3.2.9)
      builder (~> 3.0.0)
      erubis (~> 2.7.0)
      journey (~> 1.0.4)
      rack (~> 1.4.0)
      rack-cache (~> 1.2)
      rack-test (~> 0.6.1)
      sprockets (~> 2.2.1)
    activemodel (3.2.9)
      activesupport (= 3.2.9)
      builder (~> 3.0.0)
    activerecord (3.2.9)
      activemodel (= 3.2.9)
      activesupport (= 3.2.9)
      arel (~> 3.0.2)
      tzinfo (~> 0.3.29)
    activeresource (3.2.9)
      activemodel (= 3.2.9)
      activesupport (= 3.2.9)
    activesupport (3.2.9)
      i18n (~> 0.6)
      multi_json (~> 1.0)
    apotomo (1.2.3)
      cells (>= 3.6.7)
      hooks (~> 0.2.0)
      onfire (~> 0.2.0)
    arel (3.0.2)
    bcrypt-ruby (3.0.1)
    better_errors (0.1.1)
      coderay (>= 1.0.0)
      erubis (>= 2.7.0)
    binding_of_caller (0.6.8)
    bootstrap-sass (2.1.1.0)
    builder (3.0.4)
    cancan (1.6.8)
    cells (3.8.6)
      actionpack (~> 3.0)
      railties (~> 3.0)
    chili (3.0.0)
      deface (~> 1.0.0.rc1)
      rails (~> 3.2)
    chunky_png (1.2.6)
    coderay (1.0.8)
    coffee-rails (3.2.2)
      coffee-script (>= 2.2.0)
      railties (~> 3.2.0)
    coffee-script (2.2.0)
      coffee-script-source
      execjs
    coffee-script-source (1.4.0)
    colored (1.2)
    colorize (0.5.8)
    compass (0.12.2)
      chunky_png (~> 1.2)
      fssm (>= 0.2.7)
      sass (~> 3.1)
    compass-rails (1.0.3)
      compass (>= 0.12.2, < 0.14)
    deface (1.0.0.rc1)
      colorize (>= 0.5.8)
      nokogiri (~> 1.5.0)
      rails (~> 3.1)
    devise (2.1.2)
      bcrypt-ruby (~> 3.0)
      orm_adapter (~> 0.1)
      railties (~> 3.1)
      warden (~> 1.2.1)
    erubis (2.7.0)
    execjs (1.4.0)
      multi_json (~> 1.0)
    font-awesome-sass-rails (2.0.0.0)
      railties (>= 3.1.1)
      sass-rails (>= 3.1.1)
    fssm (0.2.9)
    haml (3.1.7)
    haml-rails (0.3.5)
      actionpack (>= 3.1, < 4.1)
      activesupport (>= 3.1, < 4.1)
      haml (~> 3.1)
      railties (>= 3.1, < 4.1)
    has_scope (0.5.1)
    hike (1.2.1)
    hooks (0.2.2)
    i18n (0.6.1)
    journey (1.0.4)
    jquery-rails (2.1.4)
      railties (>= 3.0, < 5.0)
      thor (>= 0.14, < 2.0)
    jquery-ui-rails (2.0.2)
      jquery-rails
      railties (>= 3.1.0)
    json (1.7.5)
    kaminari (0.14.1)
      actionpack (>= 3.0.0)
      activesupport (>= 3.0.0)
    mail (2.4.4)
      i18n (>= 0.4.0)
      mime-types (~> 1.16)
      treetop (~> 1.4.8)
    method_source (0.8.1)
    mime-types (1.19)
    multi_json (1.4.0)
    nested_form (0.3.1)
    nokogiri (1.5.5)
    onfire (0.2.0)
    orm_adapter (0.4.0)
    paper_trail (2.6.4)
      activerecord (~> 3.0)
      railties (~> 3.0)
    polyglot (0.3.3)
    pry (0.9.10)
      coderay (~> 1.0.5)
      method_source (~> 0.8)
      slop (~> 3.3.1)
    pry-rails (0.2.2)
      pry (>= 0.9.10)
    rack (1.4.1)
    rack-cache (1.2)
      rack (>= 0.4)
    rack-pjax (0.6.0)
      nokogiri (~> 1.5)
      rack (~> 1.3)
    rack-ssl (1.3.2)
      rack
    rack-test (0.6.2)
      rack (>= 1.0)
    rails (3.2.9)
      actionmailer (= 3.2.9)
      actionpack (= 3.2.9)
      activerecord (= 3.2.9)
      activeresource (= 3.2.9)
      activesupport (= 3.2.9)
      bundler (~> 1.0)
      railties (= 3.2.9)
    rails_admin (0.3.0)
      bootstrap-sass (~> 2.1)
      builder (~> 3.0)
      coffee-rails (~> 3.1)
      font-awesome-sass-rails (~> 2.0)
      haml (~> 3.1)
      jquery-rails (~> 2.1)
      jquery-ui-rails (~> 2.0)
      kaminari (~> 0.14)
      nested_form (> 0.2.3, < 0.4.0)
      rack-pjax (~> 0.6)
      rails (~> 3.1)
      remotipart (~> 1.0)
      sass-rails (~> 3.1)
    railties (3.2.9)
      actionpack (= 3.2.9)
      activesupport (= 3.2.9)
      rack-ssl (~> 1.3.2)
      rake (>= 0.8.7)
      rdoc (~> 3.4)
      thor (>= 0.14.6, < 2.0)
    rake (10.0.2)
    rdoc (3.12)
      json (~> 1.4)
    remotipart (1.0.2)
    rolify (3.2.0)
    sass (3.2.3)
    sass-rails (3.2.5)
      railties (~> 3.2.0)
      sass (>= 3.1.10)
      tilt (~> 1.3)
    sassy-buttons (0.1.4)
      compass (>= 0.12.2)
      sass (>= 3.2.0)
    simple_form (2.0.4)
      actionpack (~> 3.0)
      activemodel (~> 3.0)
    slop (3.3.3)
    sprockets (2.2.2)
      hike (~> 1.2)
      multi_json (~> 1.0)
      rack (~> 1.0)
      tilt (~> 1.1, != 1.3.0)
    sqlite3 (1.3.6)
    tabulous (1.3.0)
      colored (~> 1.2.0)
      rails (~> 3.0)
    thor (0.16.0)
    tilt (1.3.3)
    treetop (1.4.12)
      polyglot
      polyglot (>= 0.3.1)
    tzinfo (0.3.35)
    uglifier (1.3.0)
      execjs (>= 0.3.0)
      multi_json (~> 1.0, >= 1.0.2)
    warden (1.2.1)
      rack (>= 1.0)
    zeus (0.12.0)
      method_source (>= 0.6.7)
    zurui-sass-rails (0.0.1)
      railties (~> 3.1)

PLATFORMS
  ruby

DEPENDENCIES
  apotomo
  better_errors
  binding_of_caller
  bootstrap-sass (~> 2.1.1.0)
  cancan
  chili
  coffee-rails (~> 3.2.1)
  compass-rails
  content_management_feature!
  devise
  font-awesome-sass-rails
  haml-rails
  has_scope
  jquery-rails
  kaminari
  nested_form
  paper_trail
  pry-rails
  rails (= 3.2.9)
  rails_admin
  rolify
  sass-rails (~> 3.2.3)
  sassy-buttons
  simple_form
  sqlite3
  tabulous
  uglifier (>= 1.0.3)
  zeus
  zurui-sass-rails
